PATH
  remote: ../../../
  specs:
    microframe (0.1.1)
      bundler (~> 1.10)
      rack (~> 1.6, >= 1.6.4)
      thor (~> 0.19.1)

GEM
  remote: https://rubygems.org/
  specs:
    coderay (1.1.0)
    method_source (0.8.2)
    pry (0.10.3)
      coderay (~> 1.1.0)
      method_source (~> 0.8.1)
      slop (~> 3.4)
    pry-nav (0.2.4)
      pry (>= 0.9.10, < 0.11.0)
    rack (1.6.4)
    slop (3.6.0)
    sqlite3 (1.3.11)
    thor (0.19.1)
    tilt (2.0.1)

PLATFORMS
  ruby

DEPENDENCIES
  microframe!
  pry-nav
  sqlite3
  tilt

BUNDLED WITH
   1.10.6
